GEM
  remote: https://rubygems.org/
  specs:
    equatable (0.5.0)
    mini_portile2 (2.2.0)
    necromancer (0.4.0)
    nokogiri (1.8.0)
      mini_portile2 (~> 2.2.0)
    pastel (0.7.1)
      equatable (~> 0.5.0)
      tty-color (~> 0.4.0)
    tty-color (0.4.2)
    tty-screen (0.5.0)
    tty-table (0.8.0)
      equatable (~> 0.5.0)
      necromancer (~> 0.4.0)
      pastel (~> 0.7.0)
      tty-screen (~> 0.5.0)
      unicode-display_width (~> 1.1.0)
      verse (~> 0.5.0)
    unicode-display_width (1.1.3)
    unicode_utils (1.4.0)
    verse (0.5.0)
      unicode-display_width (~> 1.1.0)
      unicode_utils (~> 1.4.0)

PLATFORMS
  ruby
  x86_64-darwin-16

DEPENDENCIES
  nokogiri
  tty-table

RUBY VERSION
   ruby 2.4.2p198

BUNDLED WITH
   1.15.4
